GEM
  remote: http://rubygems.org/
  specs:
    cabin (0.9.0)
    clamp (1.3.2)
    dotenv (2.8.1)
    insist (1.0.0)
    mustache (0.99.8)
    pleaserun (0.0.32)
      cabin (> 0)
      clamp
      dotenv
      insist
      mustache (= 0.99.8)
      stud
    stud (0.0.23)

PLATFORMS
  ruby

DEPENDENCIES
  pleaserun

BUNDLED WITH
   2.1.4
